PATH
  remote: .
  specs:
    mongoid-ancestry (0.2.2)
      bson_ext (>= 1.3)
      mongoid (>= 2.0)

GEM
  remote: http://rubygems.org/
  specs:
    activemodel (3.2.3)
      activesupport (= 3.2.3)
      builder (~> 3.0.0)
    activesupport (3.2.3)
      i18n (~> 0.6)
      multi_json (~> 1.0)
    bson (1.6.2)
    bson_ext (1.6.2)
      bson (~> 1.6.2)
    builder (3.0.0)
    diff-lcs (1.1.2)
    i18n (0.6.0)
    mongo (1.6.2)
      bson (~> 1.6.2)
    mongoid (2.4.7)
      activemodel (~> 3.1)
      mongo (~> 1.3)
      tzinfo (~> 0.3.22)
    multi_json (1.2.0)
    rake (0.9.2.2)
    rspec (2.5.0)
      rspec-core (~> 2.5.0)
      rspec-expectations (~> 2.5.0)
      rspec-mocks (~> 2.5.0)
    rspec-core (2.5.1)
    rspec-expectations (2.5.0)
      diff-lcs (~> 1.1.2)
    rspec-mocks (2.5.0)
    tzinfo (0.3.32)

PLATFORMS
  ruby

DEPENDENCIES
  mongoid-ancestry!
  rake
  rspec (~> 2.5)
